GEM
  remote: https://rubygems.org/
  specs:
    aws_cf_signer (0.1.3)
    cloudinary (1.0.74)
      aws_cf_signer
      rest-client
    coderay (1.1.0)
    method_source (0.8.2)
    mime-types (2.3)
    netrc (0.7.7)
    pry (0.10.0)
      coderay (~> 1.1.0)
      method_source (~> 0.8.1)
      slop (~> 3.4)
    rest-client (1.7.2)
      mime-types (>= 1.16, < 3.0)
      netrc (~> 0.7)
    slop (3.5.0)

PLATFORMS
  ruby

DEPENDENCIES
  cloudinary
  pry
